GEM
  remote: https://rubygems.org/
  specs:
    curb (0.8.8)
    etcd (0.3.0)
      mixlib-log
    mixlib-log (1.6.0)
    rubyflare (0.1.0)
      curb (~> 0.8.8)

PLATFORMS
  ruby

DEPENDENCIES
  etcd (~> 0.3.0)
  rubyflare (~> 0.1.0)

BUNDLED WITH
   1.12.5
