GIT
  remote: git://github.com/b4k3r/cloudflare.git
  revision: 91e7182f983b287f48d1b2aa6614563b6a8394ba
  specs:
    cloudflare (2.0.3)
      json (~> 1)

GEM
  remote: https://rubygems.org/
  specs:
    etcd (0.3.0)
      mixlib-log
    json (1.8.3)
    mixlib-log (1.6.0)

PLATFORMS
  ruby

DEPENDENCIES
  cloudflare!
  etcd (~> 0.3.0)

BUNDLED WITH
   1.11.2
