GEM
  remote: https://rubygems.org/
  specs:
    cloudflare (2.0.3)
      json (~> 1)
    etcd (0.3.0)
      mixlib-log
    json (1.8.3)
    mixlib-log (1.6.0)

PLATFORMS
  ruby

DEPENDENCIES
  cloudflare (~> 2.0)
  etcd (~> 0.3.0)

BUNDLED WITH
   1.11.2
